GEM
  remote: https://rubygems.org/
  specs:
    power_assert (1.1.3)
    rake (12.3.2)
    rspec-core (3.8.0)
      rspec-support (~> 3.8.0)
    rspec-support (3.8.0)
    test-unit (3.2.9)
      power_assert
    vcr (5.0.0)

PLATFORMS
  ruby

DEPENDENCIES
  rake
  rspec-core
  test-unit
  vcr

BUNDLED WITH
   2.0.1
