GEM
  remote: https://rubygems.org/
  specs:
    rake (12.3.3)
    rspec-core (3.8.0)
      rspec-support (~> 3.8.0)
    rspec-support (3.8.0)

PLATFORMS
  ruby

DEPENDENCIES
  rake
  rspec-core

BUNDLED WITH
   2.0.1
